GEM
  remote: http://rubygems.org/
  specs:
    builder (3.2.3)
    coderay (1.1.1)
    diff-lcs (1.3)
    ffi (1.9.18)
    formatador (0.2.5)
    guard (2.14.1)
      formatador (>= 0.2.4)
      listen (>= 2.7, < 4.0)
      lumberjack (~> 1.0)
      nenv (~> 0.1)
      notiffany (~> 0.0)
      pry (>= 0.9.12)
      shellany (~> 0.0)
      thor (>= 0.18.1)
    guard-compat (1.2.1)
    guard-rspec (4.7.3)
      guard (~> 2.1)
      guard-compat (~> 1.1)
      rspec (>= 2.99.0, < 4.0)
    listen (3.1.5)
      rb-fsevent (~> 0.9, >= 0.9.4)
      rb-inotify (~> 0.9, >= 0.9.7)
      ruby_dep (~> 1.2)
    lumberjack (1.0.11)
    method_source (0.8.2)
    nenv (0.3.0)
    notiffany (0.1.1)
      nenv (~> 0.1)
      shellany (~> 0.0)
    pry (0.10.4)
      coderay (~> 1.1.0)
      method_source (~> 0.8.1)
      slop (~> 3.4)
    rake (12.0.0)
    rb-fsevent (0.9.8)
    rb-inotify (0.9.8)
      ffi (>= 0.5.0)
    rspec (3.6.0.beta2)
      rspec-core (= 3.6.0.beta2)
      rspec-expectations (= 3.6.0.beta2)
      rspec-mocks (= 3.6.0.beta2)
    rspec-core (3.6.0.beta2)
      rspec-support (= 3.6.0.beta2)
    rspec-expectations (3.6.0.beta2)
      diff-lcs (>= 1.2.0, < 2.0)
      rspec-support (= 3.6.0.beta2)
    rspec-mocks (3.6.0.beta2)
      diff-lcs (>= 1.2.0, < 2.0)
      rspec-support (= 3.6.0.beta2)
    rspec-support (3.6.0.beta2)
    rspec_junit_formatter (0.2.3)
      builder (< 4)
      rspec-core (>= 2, < 4, != 2.12.0)
    ruby_dep (1.5.0)
    shellany (0.0.1)
    slop (3.6.0)
    terminal-notifier-guard (1.6.4)
    thor (0.19.4)

PLATFORMS
  ruby

DEPENDENCIES
  guard-rspec (~> 4.7)
  rake
  rspec (~> 3.6.0.beta2)
  rspec_junit_formatter
  terminal-notifier-guard (~> 1.6.1)

RUBY VERSION
   ruby 2.4.0p0

BUNDLED WITH
   1.14.6
